PATH
  remote: .
  specs:
    calculate_date (0.1.0)

GEM
  remote: https://rubygems.org/
  specs:
    bigdecimal (1.4.4)
    builder (3.2.4)
    concurrent-ruby (1.1.6)
    core_ext (0.0.6)
      bigdecimal (~> 1.2)
      builder (~> 3.2)
      concurrent-ruby (~> 1.0)
      i18n (~> 0.7)
      json (~> 1.7, >= 1.7.7)
      method_source (~> 0.8)
      tzinfo (~> 1.1)
    diff-lcs (1.3)
    i18n (0.9.5)
      concurrent-ruby (~> 1.0)
    json (1.8.6)
    method_source (0.9.2)
    rake (13.0.1)
    rspec (3.7.0)
      rspec-core (~> 3.7.0)
      rspec-expectations (~> 3.7.0)
      rspec-mocks (~> 3.7.0)
    rspec-core (3.7.1)
      rspec-support (~> 3.7.0)
    rspec-expectations (3.7.0)
      diff-lcs (>= 1.2.0, < 2.0)
      rspec-support (~> 3.7.0)
    rspec-mocks (3.7.0)
      diff-lcs (>= 1.2.0, < 2.0)
      rspec-support (~> 3.7.0)
    rspec-support (3.7.1)
    thread_safe (0.3.6)
    tzinfo (1.2.7)
      thread_safe (~> 0.1)

PLATFORMS
  ruby

DEPENDENCIES
  bundler (~> 1.17)
  calculate_date!
  core_ext (~> 0.0.6)
  rake (>= 12.3.3)
  rspec (~> 3.0)

BUNDLED WITH
   1.17.3
